GEM
  remote: https://rubygems.org/
  specs:
    ideogram-wrapper (1.1.1)
      json (~> 2.1)
    jekyll (4.2.0)
      addressable (~> 2.4)
      colorator (~> 1.0)
      em-websocket (~> 0.5)
      i18n (~> 1.0)
      jekyll-sass-converter (~> 2.0)
      jekyll-watch (~> 2.0)
      kramdown (~> 2.1)
      liquid (~> 4.0)
      mercenary (~> 0.3)
      pathutil (~> 0.9)
      rouge (~> 3.3)
      safe_yaml (~> 1.0)
      terminal-table (~> 2.0)

PLATFORMS
  ruby

DEPENDENCIES
  ideogram-wrapper (~> 1.1.1)
  jekyll (~> 4.2.0)
